GEM
  remote: https://rubygems.org/
  specs:
    byebug (11.1.1)
    fast_excel (0.2.6)
      ffi (> 1.9, < 2)
    ffi (1.12.2)
    mini_portile2 (2.5.1)
    nokogiri (1.11.4)
      mini_portile2 (~> 2.5.0)
      racc (~> 1.4)
    racc (1.5.2)

PLATFORMS
  ruby

DEPENDENCIES
  byebug
  fast_excel
  nokogiri

BUNDLED WITH
   2.0.2
